GEM
  remote: https://rubygems.org/
  specs:
    addressable (2.8.5)
      public_suffix (>= 2.0.2, < 6.0)
    crack (0.4.5)
      rexml
    diff-lcs (1.5.0)
    faraday (2.7.6)
      faraday-net_http (>= 2.0, < 3.1)
      ruby2_keywords (>= 0.0.4)
    faraday-net_http (3.0.2)
    hashdiff (1.0.1)
    hashie (5.0.0)
    iso8601 (0.13.0)
    json (2.6.3)
    jwt (2.7.1)
    microsoft_kiota_abstractions (0.14.0)
      addressable (~> 2.7, >= 2.7.0)
      iso8601 (~> 0.13.0)
    microsoft_kiota_authentication_oauth (0.8.0)
      microsoft_kiota_abstractions (~> 0.14.0)
      oauth2 (~> 2.0)
    microsoft_kiota_faraday (0.12.0)
      faraday (~> 2.7, >= 2.7.2)
      microsoft_kiota_abstractions (~> 0.14.0)
    microsoft_kiota_serialization_json (0.9.1)
      json (~> 2.6.3)
      microsoft_kiota_abstractions (~> 0.14.0)
      uuidtools (~> 2.2.0)
    multi_xml (0.6.0)
    oauth2 (2.0.9)
      faraday (>= 0.17.3, < 3.0)
      jwt (>= 1.0, < 3.0)
      multi_xml (~> 0.5)
      rack (>= 1.2, < 4)
      snaky_hash (~> 2.0)
      version_gem (~> 1.1)
    public_suffix (5.0.3)
    rack (3.0.7)
    rake (13.0.6)
    rexml (3.2.5)
    rspec (3.12.0)
      rspec-core (~> 3.12.0)
      rspec-expectations (~> 3.12.0)
      rspec-mocks (~> 3.12.0)
    rspec-core (3.12.2)
      rspec-support (~> 3.12.0)
    rspec-expectations (3.12.3)
      diff-lcs (>= 1.2.0, < 2.0)
      rspec-support (~> 3.12.0)
    rspec-mocks (3.12.5)
      diff-lcs (>= 1.2.0, < 2.0)
      rspec-support (~> 3.12.0)
    rspec-support (3.12.0)
    ruby2_keywords (0.0.5)
    snaky_hash (2.0.1)
      hashie
      version_gem (~> 1.1, >= 1.1.1)
    uuidtools (2.2.0)
    version_gem (1.1.3)
    webmock (3.18.1)
      addressable (>= 2.8.0)
      crack (>= 0.3.2)
      hashdiff (>= 0.4.0, < 2.0.0)

PLATFORMS
  x86_64-linux

DEPENDENCIES
  microsoft_kiota_abstractions
  microsoft_kiota_authentication_oauth
  microsoft_kiota_faraday
  microsoft_kiota_serialization_json
  rake
  rspec
  webmock

BUNDLED WITH
   2.3.7
