GEM
  remote: https://rubygems.org/
  specs:
    addressable (2.8.7)
      public_suffix (>= 2.0.2, < 7.0)
    bigdecimal (3.1.9)
    crack (1.0.0)
      bigdecimal
      rexml
    diff-lcs (1.6.2)
    faraday (2.9.0)
      faraday-net_http (>= 2.0, < 3.2)
    faraday-net_http (3.1.0)
      net-http
    hashdiff (1.1.2)
    hashie (5.0.0)
    iso8601 (0.13.0)
    json (2.9.1)
    jwt (2.7.1)
    microsoft_kiota_abstractions (0.14.4)
      iso8601 (~> 0.13.0)
      stduritemplate (~> 0.0.39)
    microsoft_kiota_authentication_oauth (0.8.0)
      microsoft_kiota_abstractions (~> 0.14.0)
      oauth2 (~> 2.0)
    microsoft_kiota_faraday (0.15.0)
      faraday (~> 2.7, >= 2.7.2)
      microsoft_kiota_abstractions (~> 0.14.0)
    microsoft_kiota_serialization_json (0.9.2)
      json (>= 2.6.3, < 2.10.0)
      microsoft_kiota_abstractions (~> 0.14.0)
      uuidtools (~> 2.2.0)
    multi_xml (0.6.0)
    net-http (0.4.1)
      uri
    oauth2 (2.0.9)
      faraday (>= 0.17.3, < 3.0)
      jwt (>= 1.0, < 3.0)
      multi_xml (~> 0.5)
      rack (>= 1.2, < 4)
      snaky_hash (~> 2.0)
      version_gem (~> 1.1)
    public_suffix (6.0.1)
    rack (3.1.18)
    rake (13.3.1)
    rexml (3.4.2)
    rspec (3.13.2)
      rspec-core (~> 3.13.0)
      rspec-expectations (~> 3.13.0)
      rspec-mocks (~> 3.13.0)
    rspec-core (3.13.6)
      rspec-support (~> 3.13.0)
    rspec-expectations (3.13.5)
      diff-lcs (>= 1.2.0, < 2.0)
      rspec-support (~> 3.13.0)
    rspec-mocks (3.13.6)
      diff-lcs (>= 1.2.0, < 2.0)
      rspec-support (~> 3.13.0)
    rspec-support (3.13.6)
    snaky_hash (2.0.1)
      hashie
      version_gem (~> 1.1, >= 1.1.1)
    stduritemplate (0.0.59)
    uri (0.13.2)
    uuidtools (2.2.0)
    version_gem (1.1.3)
    webmock (3.25.1)
      addressable (>= 2.8.0)
      crack (>= 0.3.2)
      hashdiff (>= 0.4.0, < 2.0.0)

PLATFORMS
  x86_64-linux

DEPENDENCIES
  microsoft_kiota_abstractions
  microsoft_kiota_authentication_oauth
  microsoft_kiota_faraday
  microsoft_kiota_serialization_json
  rake
  rspec
  webmock

BUNDLED WITH
   2.3.7
